STORAGE: NONE
RESTRICTION: || (== net6.0-windows10.0.17763.0) (== netstandard2.0) (== netstandard2.1)
NUGET
  remote: https://api.nuget.org/v3/index.json
    CommunityToolkit.Mvvm (8.4)
      Microsoft.Bcl.AsyncInterfaces (>= 8.0) - restriction: || (&& (== net6.0-windows10.0.17763.0) (< netstandard2.1)) (== netstandard2.0)
      System.ComponentModel.Annotations (>= 5.0)
      System.Memory (>= 4.6) - restriction: || (&& (== net6.0-windows10.0.17763.0) (< netstandard2.1)) (== netstandard2.0)
      System.Runtime.CompilerServices.Unsafe (>= 6.1)
    DynamicData (9.0.4)
      System.Reactive (>= 6.0.1)
    DynamicLanguageRuntime (1.3.4)
      System.CodeDom (>= 4.6) - restriction: || (&& (== net6.0-windows10.0.17763.0) (< netcoreapp3.1)) (== netstandard2.0) (== netstandard2.1)
      System.CodeDom (>= 6.0) - restriction: || (== net6.0-windows10.0.17763.0) (&& (== netstandard2.0) (>= net6.0)) (&& (== netstandard2.1) (>= net6.0))
      System.Configuration.ConfigurationManager (>= 4.6) - restriction: || (&& (== net6.0-windows10.0.17763.0) (< netcoreapp3.1)) (== netstandard2.0) (== netstandard2.1)
      System.Reflection.Emit (>= 4.6) - restriction: || (&& (== net6.0-windows10.0.17763.0) (< netcoreapp3.1)) (== netstandard2.0) (== netstandard2.1)
      System.Reflection.Emit.Lightweight (>= 4.6) - restriction: || (&& (== net6.0-windows10.0.17763.0) (< netcoreapp3.1)) (== netstandard2.0) (== netstandard2.1)
    Fody (6.8.1)
    FSharp.Core (7.0)
    IronPython (3.4.1)
      DynamicLanguageRuntime (>= 1.3.4)
      Microsoft.Win32.Registry (>= 4.5) - restriction: || (&& (== net6.0-windows10.0.17763.0) (< netcoreapp3.1)) (== netstandard2.0) (== netstandard2.1)
      Mono.Unix (>= 7.1.0-final.1.21458.1)
      System.Memory (>= 4.5.5) - restriction: || (&& (== net6.0-windows10.0.17763.0) (>= net462)) (&& (== net6.0-windows10.0.17763.0) (< netcoreapp3.1)) (== netstandard2.0) (== netstandard2.1)
      System.Text.Encoding.CodePages (>= 4.6) - restriction: || (&& (== net6.0-windows10.0.17763.0) (< netcoreapp3.1)) (== netstandard2.0) (== netstandard2.1)
    IronPython.StdLib (3.4.1)
      IronPython (>= 3.4 < 3.5)
    MaterialDesignColors (2.1.1) - restriction: || (== net6.0-windows10.0.17763.0) (&& (== netstandard2.0) (>= net452)) (&& (== netstandard2.0) (>= netcoreapp3.1)) (&& (== netstandard2.1) (>= net452)) (&& (== netstandard2.1) (>= netcoreapp3.1))
    MaterialDesignThemes (4.3)
      MaterialDesignColors (>= 2.0.4 < 3.0) - restriction: || (== net6.0-windows10.0.17763.0) (&& (== netstandard2.0) (>= net452)) (&& (== netstandard2.0) (>= netcoreapp3.1)) (&& (== netstandard2.1) (>= net452)) (&& (== netstandard2.1) (>= netcoreapp3.1))
    MediatR (9.0)
    MediatR.Extensions.Microsoft.DependencyInjection (9.0)
      MediatR (>= 9.0)
      Microsoft.Extensions.DependencyInjection.Abstractions (>= 2.0)
    Microsoft.Bcl.AsyncInterfaces (8.0) - restriction: || (&& (== net6.0-windows10.0.17763.0) (>= net462)) (&& (== net6.0-windows10.0.17763.0) (< net6.0)) (&& (== net6.0-windows10.0.17763.0) (< netstandard2.1)) (== netstandard2.0) (== netstandard2.1)
      System.Threading.Tasks.Extensions (>= 4.5.4) - restriction: || (&& (== net6.0-windows10.0.17763.0) (>= net462)) (&& (== net6.0-windows10.0.17763.0) (< netstandard2.1)) (== netstandard2.0) (&& (== netstandard2.1) (>= net462))
    Microsoft.Extensions.Configuration (8.0)
      Microsoft.Extensions.Configuration.Abstractions (>= 8.0)
      Microsoft.Extensions.Primitives (>= 8.0)
    Microsoft.Extensions.Configuration.Abstractions (8.0)
      Microsoft.Extensions.Primitives (>= 8.0)
    Microsoft.Extensions.Configuration.Binder (8.0.2)
      Microsoft.Extensions.Configuration.Abstractions (>= 8.0)
    Microsoft.Extensions.Configuration.CommandLine (8.0)
      Microsoft.Extensions.Configuration (>= 8.0)
      Microsoft.Extensions.Configuration.Abstractions (>= 8.0)
    Microsoft.Extensions.Configuration.EnvironmentVariables (8.0)
      Microsoft.Extensions.Configuration (>= 8.0)
      Microsoft.Extensions.Configuration.Abstractions (>= 8.0)
    Microsoft.Extensions.Configuration.FileExtensions (8.0.1)
      Microsoft.Extensions.Configuration (>= 8.0)
      Microsoft.Extensions.Configuration.Abstractions (>= 8.0)
      Microsoft.Extensions.FileProviders.Abstractions (>= 8.0)
      Microsoft.Extensions.FileProviders.Physical (>= 8.0)
      Microsoft.Extensions.Primitives (>= 8.0)
    Microsoft.Extensions.Configuration.Json (8.0.1)
      Microsoft.Extensions.Configuration (>= 8.0)
      Microsoft.Extensions.Configuration.Abstractions (>= 8.0)
      Microsoft.Extensions.Configuration.FileExtensions (>= 8.0.1)
      Microsoft.Extensions.FileProviders.Abstractions (>= 8.0)
      System.Text.Json (>= 8.0.5)
    Microsoft.Extensions.Configuration.UserSecrets (8.0.1)
      Microsoft.Extensions.Configuration.Abstractions (>= 8.0)
      Microsoft.Extensions.Configuration.Json (>= 8.0.1)
      Microsoft.Extensions.FileProviders.Abstractions (>= 8.0)
      Microsoft.Extensions.FileProviders.Physical (>= 8.0)
    Microsoft.Extensions.DependencyInjection (8.0.1)
      Microsoft.Bcl.AsyncInterfaces (>= 8.0) - restriction: || (&& (== net6.0-windows10.0.17763.0) (>= net462)) (&& (== net6.0-windows10.0.17763.0) (< netstandard2.1)) (== netstandard2.0) (&& (== netstandard2.1) (>= net462))
      Microsoft.Extensions.DependencyInjection.Abstractions (>= 8.0.2)
      System.Threading.Tasks.Extensions (>= 4.5.4) - restriction: || (&& (== net6.0-windows10.0.17763.0) (>= net462)) (&& (== net6.0-windows10.0.17763.0) (< netstandard2.1)) (== netstandard2.0) (&& (== netstandard2.1) (>= net462))
    Microsoft.Extensions.DependencyInjection.Abstractions (8.0.2)
      Microsoft.Bcl.AsyncInterfaces (>= 8.0) - restriction: || (&& (== net6.0-windows10.0.17763.0) (>= net462)) (&& (== net6.0-windows10.0.17763.0) (< netstandard2.1)) (== netstandard2.0) (&& (== netstandard2.1) (>= net462))
      System.Threading.Tasks.Extensions (>= 4.5.4) - restriction: || (&& (== net6.0-windows10.0.17763.0) (>= net462)) (&& (== net6.0-windows10.0.17763.0) (< netstandard2.1)) (== netstandard2.0) (&& (== netstandard2.1) (>= net462))
    Microsoft.Extensions.Diagnostics (8.0.1)
      Microsoft.Extensions.Configuration (>= 8.0)
      Microsoft.Extensions.Diagnostics.Abstractions (>= 8.0.1)
      Microsoft.Extensions.Options.ConfigurationExtensions (>= 8.0)
    Microsoft.Extensions.Diagnostics.Abstractions (8.0.1)
      Microsoft.Extensions.DependencyInjection.Abstractions (>= 8.0.2)
      Microsoft.Extensions.Options (>= 8.0.2)
      System.Buffers (>= 4.5.1) - restriction: || (&& (== net6.0-windows10.0.17763.0) (>= net462)) (&& (== net6.0-windows10.0.17763.0) (< net6.0)) (== netstandard2.0) (== netstandard2.1)
      System.Diagnostics.DiagnosticSource (>= 8.0.1)
      System.Memory (>= 4.5.5) - restriction: || (&& (== net6.0-windows10.0.17763.0) (>= net462)) (&& (== net6.0-windows10.0.17763.0) (< net6.0)) (== netstandard2.0) (== netstandard2.1)
    Microsoft.Extensions.FileProviders.Abstractions (8.0)
      Microsoft.Extensions.Primitives (>= 8.0)
    Microsoft.Extensions.FileProviders.Physical (8.0)
      Microsoft.Extensions.FileProviders.Abstractions (>= 8.0)
      Microsoft.Extensions.FileSystemGlobbing (>= 8.0)
      Microsoft.Extensions.Primitives (>= 8.0)
    Microsoft.Extensions.FileSystemGlobbing (8.0)
    Microsoft.Extensions.Hosting (8.0.1)
      Microsoft.Bcl.AsyncInterfaces (>= 8.0) - restriction: || (&& (== net6.0-windows10.0.17763.0) (>= net462)) (&& (== net6.0-windows10.0.17763.0) (< netstandard2.1)) (== netstandard2.0) (&& (== netstandard2.1) (>= net462))
      Microsoft.Extensions.Configuration (>= 8.0)
      Microsoft.Extensions.Configuration.Abstractions (>= 8.0)
      Microsoft.Extensions.Configuration.Binder (>= 8.0.2)
      Microsoft.Extensions.Configuration.CommandLine (>= 8.0)
      Microsoft.Extensions.Configuration.EnvironmentVariables (>= 8.0)
      Microsoft.Extensions.Configuration.FileExtensions (>= 8.0.1)
      Microsoft.Extensions.Configuration.Json (>= 8.0.1)
      Microsoft.Extensions.Configuration.UserSecrets (>= 8.0.1)
      Microsoft.Extensions.DependencyInjection (>= 8.0.1)
      Microsoft.Extensions.DependencyInjection.Abstractions (>= 8.0.2)
      Microsoft.Extensions.Diagnostics (>= 8.0.1)
      Microsoft.Extensions.FileProviders.Abstractions (>= 8.0)
      Microsoft.Extensions.FileProviders.Physical (>= 8.0)
      Microsoft.Extensions.Hosting.Abstractions (>= 8.0.1)
      Microsoft.Extensions.Logging (>= 8.0.1)
      Microsoft.Extensions.Logging.Abstractions (>= 8.0.2)
      Microsoft.Extensions.Logging.Configuration (>= 8.0.1)
      Microsoft.Extensions.Logging.Console (>= 8.0.1)
      Microsoft.Extensions.Logging.Debug (>= 8.0.1)
      Microsoft.Extensions.Logging.EventLog (>= 8.0.1)
      Microsoft.Extensions.Logging.EventSource (>= 8.0.1)
      Microsoft.Extensions.Options (>= 8.0.2)
      System.Threading.Tasks.Extensions (>= 4.5.4) - restriction: || (&& (== net6.0-windows10.0.17763.0) (>= net462)) (&& (== net6.0-windows10.0.17763.0) (< netstandard2.1)) (== netstandard2.0) (&& (== netstandard2.1) (>= net462))
    Microsoft.Extensions.Hosting.Abstractions (8.0.1)
      Microsoft.Bcl.AsyncInterfaces (>= 8.0) - restriction: || (&& (== net6.0-windows10.0.17763.0) (>= net462)) (&& (== net6.0-windows10.0.17763.0) (< netstandard2.1)) (== netstandard2.0) (&& (== netstandard2.1) (>= net462))
      Microsoft.Extensions.Configuration.Abstractions (>= 8.0)
      Microsoft.Extensions.DependencyInjection.Abstractions (>= 8.0.2)
      Microsoft.Extensions.Diagnostics.Abstractions (>= 8.0.1)
      Microsoft.Extensions.FileProviders.Abstractions (>= 8.0)
      Microsoft.Extensions.Logging.Abstractions (>= 8.0.2)
      System.Threading.Tasks.Extensions (>= 4.5.4) - restriction: || (&& (== net6.0-windows10.0.17763.0) (>= net462)) (&& (== net6.0-windows10.0.17763.0) (< netstandard2.1)) (== netstandard2.0) (&& (== netstandard2.1) (>= net462))
    Microsoft.Extensions.Logging (8.0.1)
      Microsoft.Bcl.AsyncInterfaces (>= 8.0) - restriction: || (&& (== net6.0-windows10.0.17763.0) (>= net462)) (&& (== net6.0-windows10.0.17763.0) (< netstandard2.1)) (== netstandard2.0) (&& (== netstandard2.1) (>= net462))
      Microsoft.Extensions.DependencyInjection (>= 8.0.1)
      Microsoft.Extensions.Logging.Abstractions (>= 8.0.2)
      Microsoft.Extensions.Options (>= 8.0.2)
      System.Diagnostics.DiagnosticSource (>= 8.0.1) - restriction: || (&& (== net6.0-windows10.0.17763.0) (>= net462)) (&& (== net6.0-windows10.0.17763.0) (< net6.0)) (&& (== net6.0-windows10.0.17763.0) (< netstandard2.1)) (== netstandard2.0) (== netstandard2.1)
    Microsoft.Extensions.Logging.Abstractions (8.0.2)
      Microsoft.Extensions.DependencyInjection.Abstractions (>= 8.0.2)
      System.Buffers (>= 4.5.1) - restriction: || (&& (== net6.0-windows10.0.17763.0) (>= net462)) (&& (== net6.0-windows10.0.17763.0) (< net6.0)) (== netstandard2.0) (== netstandard2.1)
      System.Diagnostics.DiagnosticSource (>= 8.0.1)
      System.Memory (>= 4.5.5) - restriction: || (&& (== net6.0-windows10.0.17763.0) (>= net462)) (&& (== net6.0-windows10.0.17763.0) (< net6.0)) (== netstandard2.0) (== netstandard2.1)
    Microsoft.Extensions.Logging.Configuration (8.0.1)
      Microsoft.Extensions.Configuration (>= 8.0)
      Microsoft.Extensions.Configuration.Abstractions (>= 8.0)
      Microsoft.Extensions.Configuration.Binder (>= 8.0.2)
      Microsoft.Extensions.DependencyInjection.Abstractions (>= 8.0.2)
      Microsoft.Extensions.Logging (>= 8.0.1)
      Microsoft.Extensions.Logging.Abstractions (>= 8.0.2)
      Microsoft.Extensions.Options (>= 8.0.2)
      Microsoft.Extensions.Options.ConfigurationExtensions (>= 8.0)
    Microsoft.Extensions.Logging.Console (8.0.1)
      Microsoft.Bcl.AsyncInterfaces (>= 8.0) - restriction: || (&& (== net6.0-windows10.0.17763.0) (>= net462)) (&& (== net6.0-windows10.0.17763.0) (< net6.0)) (== netstandard2.0) (== netstandard2.1)
      Microsoft.Extensions.DependencyInjection.Abstractions (>= 8.0.2)
      Microsoft.Extensions.Logging (>= 8.0.1)
      Microsoft.Extensions.Logging.Abstractions (>= 8.0.2)
      Microsoft.Extensions.Logging.Configuration (>= 8.0.1)
      Microsoft.Extensions.Options (>= 8.0.2)
      System.Buffers (>= 4.5.1) - restriction: || (&& (== net6.0-windows10.0.17763.0) (>= net462)) (&& (== net6.0-windows10.0.17763.0) (< net6.0)) (== netstandard2.0) (== netstandard2.1)
      System.Runtime.CompilerServices.Unsafe (>= 6.0) - restriction: || (== net6.0-windows10.0.17763.0) (&& (== netstandard2.0) (>= net6.0)) (&& (== netstandard2.1) (>= net6.0))
      System.Text.Json (>= 8.0.5)
    Microsoft.Extensions.Logging.Debug (8.0.1)
      Microsoft.Extensions.DependencyInjection.Abstractions (>= 8.0.2)
      Microsoft.Extensions.Logging (>= 8.0.1)
      Microsoft.Extensions.Logging.Abstractions (>= 8.0.2)
    Microsoft.Extensions.Logging.EventLog (8.0.1)
      Microsoft.Extensions.DependencyInjection.Abstractions (>= 8.0.2)
      Microsoft.Extensions.Logging (>= 8.0.1)
      Microsoft.Extensions.Logging.Abstractions (>= 8.0.2)
      Microsoft.Extensions.Options (>= 8.0.2)
      System.Diagnostics.EventLog (>= 8.0.1)
    Microsoft.Extensions.Logging.EventSource (8.0.1)
      Microsoft.Bcl.AsyncInterfaces (>= 8.0) - restriction: || (&& (== net6.0-windows10.0.17763.0) (>= net462)) (&& (== net6.0-windows10.0.17763.0) (< net6.0)) (== netstandard2.0) (== netstandard2.1)
      Microsoft.Extensions.DependencyInjection.Abstractions (>= 8.0.2)
      Microsoft.Extensions.Logging (>= 8.0.1)
      Microsoft.Extensions.Logging.Abstractions (>= 8.0.2)
      Microsoft.Extensions.Options (>= 8.0.2)
      Microsoft.Extensions.Primitives (>= 8.0)
      System.Memory (>= 4.5.5) - restriction: || (&& (== net6.0-windows10.0.17763.0) (>= net462)) (&& (== net6.0-windows10.0.17763.0) (< net6.0)) (== netstandard2.0) (== netstandard2.1)
      System.Runtime.CompilerServices.Unsafe (>= 6.0)
      System.Text.Json (>= 8.0.5)
    Microsoft.Extensions.Options (8.0.2)
      Microsoft.Extensions.DependencyInjection.Abstractions (>= 8.0)
      Microsoft.Extensions.Primitives (>= 8.0)
      System.ComponentModel.Annotations (>= 5.0) - restriction: || (&& (== net6.0-windows10.0.17763.0) (< net6.0)) (&& (== net6.0-windows10.0.17763.0) (< netstandard2.1)) (== netstandard2.0) (== netstandard2.1)
    Microsoft.Extensions.Options.ConfigurationExtensions (8.0)
      Microsoft.Extensions.Configuration.Abstractions (>= 8.0)
      Microsoft.Extensions.Configuration.Binder (>= 8.0)
      Microsoft.Extensions.DependencyInjection.Abstractions (>= 8.0)
      Microsoft.Extensions.Options (>= 8.0)
      Microsoft.Extensions.Primitives (>= 8.0)
    Microsoft.Extensions.Primitives (8.0)
      System.Memory (>= 4.5.5) - restriction: || (&& (== net6.0-windows10.0.17763.0) (>= net462)) (&& (== net6.0-windows10.0.17763.0) (< net6.0)) (== netstandard2.0) (== netstandard2.1)
      System.Runtime.CompilerServices.Unsafe (>= 6.0)
    Microsoft.NETCore.Platforms (7.0) - restriction: || (&& (== net6.0-windows10.0.17763.0) (< net6.0)) (&& (== net6.0-windows10.0.17763.0) (< netstandard1.2)) (&& (== net6.0-windows10.0.17763.0) (< netstandard1.3)) (&& (== net6.0-windows10.0.17763.0) (< netstandard1.5)) (== netstandard2.0) (== netstandard2.1)
    Microsoft.NETCore.Targets (5.0) - restriction: || (&& (== net6.0-windows10.0.17763.0) (< net6.0)) (&& (== net6.0-windows10.0.17763.0) (< netstandard1.2)) (&& (== net6.0-windows10.0.17763.0) (< netstandard1.3)) (&& (== net6.0-windows10.0.17763.0) (< netstandard1.5)) (== netstandard2.0) (== netstandard2.1)
    Microsoft.Win32.Registry (5.0) - restriction: || (&& (== net6.0-windows10.0.17763.0) (< netcoreapp3.1)) (== netstandard2.0) (== netstandard2.1)
      System.Buffers (>= 4.5.1) - restriction: || (&& (== net6.0-windows10.0.17763.0) (>= monoandroid) (< netstandard1.3)) (&& (== net6.0-windows10.0.17763.0) (>= monotouch)) (&& (== net6.0-windows10.0.17763.0) (< netcoreapp2.0)) (&& (== net6.0-windows10.0.17763.0) (>= xamarinios)) (&& (== net6.0-windows10.0.17763.0) (>= xamarinmac)) (&& (== net6.0-windows10.0.17763.0) (>= xamarintvos)) (&& (== net6.0-windows10.0.17763.0) (>= xamarinwatchos)) (== netstandard2.0) (== netstandard2.1)
      System.Memory (>= 4.5.4) - restriction: || (&& (== net6.0-windows10.0.17763.0) (< netcoreapp2.0)) (&& (== net6.0-windows10.0.17763.0) (< netcoreapp2.1)) (&& (== net6.0-windows10.0.17763.0) (>= uap10.1)) (== netstandard2.0) (== netstandard2.1)
      System.Security.AccessControl (>= 5.0)
      System.Security.Principal.Windows (>= 5.0)
    Mono.Unix (7.1.0-final.1.21458.1)
    ReactiveUI (20.1.63)
      DynamicData (>= 9.0.4)
      Splat (>= 15.1.1)
      System.ComponentModel (>= 4.3) - restriction: || (&& (== net6.0-windows10.0.17763.0) (< net6.0)) (== netstandard2.0) (== netstandard2.1)
      System.ComponentModel.Annotations (>= 5.0)
      System.Diagnostics.Contracts (>= 4.3) - restriction: || (&& (== net6.0-windows10.0.17763.0) (< net6.0)) (== netstandard2.0) (== netstandard2.1)
      System.Dynamic.Runtime (>= 4.3) - restriction: || (&& (== net6.0-windows10.0.17763.0) (< net6.0)) (== netstandard2.0) (== netstandard2.1)
      System.Runtime.Serialization.Primitives (>= 4.3) - restriction: || (&& (== net6.0-windows10.0.17763.0) (< net6.0)) (== netstandard2.0) (== netstandard2.1)
      System.Text.Json (>= 8.0.4)
    ReactiveUI.Fody (19.5.41)
      Fody (>= 6.8)
      ReactiveUI (>= 19.5.41)
    ReactiveUI.Validation (4.1.1)
      ReactiveUI (>= 20.1.63)
      System.Collections.Immutable (>= 8.0) - restriction: || (&& (== net6.0-windows10.0.17763.0) (>= net462)) (&& (== net6.0-windows10.0.17763.0) (< net6.0)) (== netstandard2.0) (== netstandard2.1)
    ReactiveUI.WPF (20.1.63)
      DynamicData (>= 9.0.4) - restriction: || (== net6.0-windows10.0.17763.0) (&& (== netstandard2.0) (>= net462)) (&& (== netstandard2.0) (>= net6.0-windows10.0.17763.0)) (&& (== netstandard2.0) (>= net8.0-windows10.0.17763.0)) (&& (== netstandard2.1) (>= net462)) (&& (== netstandard2.1) (>= net6.0-windows10.0.17763.0)) (&& (== netstandard2.1) (>= net8.0-windows10.0.17763.0))
      ReactiveUI (>= 20.1.63) - restriction: || (== net6.0-windows10.0.17763.0) (&& (== netstandard2.0) (>= net462)) (&& (== netstandard2.0) (>= net6.0-windows10.0.17763.0)) (&& (== netstandard2.0) (>= net8.0-windows10.0.17763.0)) (&& (== netstandard2.1) (>= net462)) (&& (== netstandard2.1) (>= net6.0-windows10.0.17763.0)) (&& (== netstandard2.1) (>= net8.0-windows10.0.17763.0))
      Splat (>= 15.1.1) - restriction: || (== net6.0-windows10.0.17763.0) (&& (== netstandard2.0) (>= net462)) (&& (== netstandard2.0) (>= net6.0-windows10.0.17763.0)) (&& (== netstandard2.0) (>= net8.0-windows10.0.17763.0)) (&& (== netstandard2.1) (>= net462)) (&& (== netstandard2.1) (>= net6.0-windows10.0.17763.0)) (&& (== netstandard2.1) (>= net8.0-windows10.0.17763.0))
      System.ComponentModel.Annotations (>= 5.0) - restriction: || (== net6.0-windows10.0.17763.0) (&& (== netstandard2.0) (>= net462)) (&& (== netstandard2.0) (>= net6.0-windows10.0.17763.0)) (&& (== netstandard2.0) (>= net8.0-windows10.0.17763.0)) (&& (== netstandard2.1) (>= net462)) (&& (== netstandard2.1) (>= net6.0-windows10.0.17763.0)) (&& (== netstandard2.1) (>= net8.0-windows10.0.17763.0))
      System.Text.Json (>= 8.0.4) - restriction: || (== net6.0-windows10.0.17763.0) (&& (== netstandard2.0) (>= net462)) (&& (== netstandard2.0) (>= net6.0-windows10.0.17763.0)) (&& (== netstandard2.1) (>= net462)) (&& (== netstandard2.1) (>= net6.0-windows10.0.17763.0))
    Splat (15.2.22)
    System.Buffers (4.6.1) - restriction: || (&& (== net6.0-windows10.0.17763.0) (>= net462)) (&& (== net6.0-windows10.0.17763.0) (< net6.0)) (&& (== net6.0-windows10.0.17763.0) (< netcoreapp2.1) (< netstandard2.1)) (== netstandard2.0) (== netstandard2.1)
    System.CodeDom (7.0)
    System.Collections (4.3) - restriction: || (&& (== net6.0-windows10.0.17763.0) (< net6.0)) (== netstandard2.0) (== netstandard2.1)
      Microsoft.NETCore.Platforms (>= 1.1)
      Microsoft.NETCore.Targets (>= 1.1)
      System.Runtime (>= 4.3)
    System.Collections.Immutable (8.0) - restriction: || (&& (== net6.0-windows10.0.17763.0) (>= net462)) (&& (== net6.0-windows10.0.17763.0) (< net6.0)) (== netstandard2.0) (== netstandard2.1)
      System.Memory (>= 4.5.5) - restriction: || (&& (== net6.0-windows10.0.17763.0) (>= net462)) (&& (== net6.0-windows10.0.17763.0) (< net6.0)) (== netstandard2.0) (== netstandard2.1)
      System.Runtime.CompilerServices.Unsafe (>= 6.0)
    System.ComponentModel (4.3) - restriction: || (&& (== net6.0-windows10.0.17763.0) (< net6.0)) (== netstandard2.0) (== netstandard2.1)
      System.Runtime (>= 4.3)
    System.ComponentModel.Annotations (5.0)
    System.Configuration.ConfigurationManager (7.0) - restriction: || (&& (== net6.0-windows10.0.17763.0) (< netcoreapp3.1)) (== netstandard2.0) (== netstandard2.1)
      System.Security.Cryptography.ProtectedData (>= 7.0)
      System.Security.Permissions (>= 7.0)
    System.Diagnostics.Contracts (4.3) - restriction: || (&& (== net6.0-windows10.0.17763.0) (< net6.0)) (== netstandard2.0) (== netstandard2.1)
      System.Runtime (>= 4.3)
    System.Diagnostics.Debug (4.3) - restriction: || (&& (== net6.0-windows10.0.17763.0) (< net6.0)) (== netstandard2.0) (== netstandard2.1)
      Microsoft.NETCore.Platforms (>= 1.1)
      Microsoft.NETCore.Targets (>= 1.1)
      System.Runtime (>= 4.3)
    System.Diagnostics.DiagnosticSource (8.0.1)
      System.Memory (>= 4.5.5) - restriction: || (&& (== net6.0-windows10.0.17763.0) (>= net462)) (&& (== net6.0-windows10.0.17763.0) (< net6.0)) (== netstandard2.0) (== netstandard2.1)
      System.Runtime.CompilerServices.Unsafe (>= 6.0)
    System.Diagnostics.EventLog (8.0.1)
      System.Security.Principal.Windows (>= 5.0) - restriction: || (&& (== net6.0-windows10.0.17763.0) (>= net462)) (&& (== net6.0-windows10.0.17763.0) (< net6.0)) (== netstandard2.0) (== netstandard2.1)
    System.Dynamic.Runtime (4.3) - restriction: || (&& (== net6.0-windows10.0.17763.0) (< net6.0)) (== netstandard2.0) (== netstandard2.1)
      System.Collections (>= 4.3)
      System.Diagnostics.Debug (>= 4.3)
      System.Linq (>= 4.3)
      System.Linq.Expressions (>= 4.3)
      System.ObjectModel (>= 4.3)
      System.Reflection (>= 4.3)
      System.Reflection.Emit (>= 4.3)
      System.Reflection.Emit.ILGeneration (>= 4.3)
      System.Reflection.Primitives (>= 4.3)
      System.Reflection.TypeExtensions (>= 4.3)
      System.Resources.ResourceManager (>= 4.3)
      System.Runtime (>= 4.3)
      System.Runtime.Extensions (>= 4.3)
      System.Threading (>= 4.3)
    System.Globalization (4.3) - restriction: || (&& (== net6.0-windows10.0.17763.0) (< net6.0)) (&& (== net6.0-windows10.0.17763.0) (< netstandard1.3)) (== netstandard2.0) (== netstandard2.1)
      Microsoft.NETCore.Platforms (>= 1.1)
      Microsoft.NETCore.Targets (>= 1.1)
      System.Runtime (>= 4.3)
    System.IO (4.3) - restriction: || (&& (== net6.0-windows10.0.17763.0) (< net6.0)) (&& (== net6.0-windows10.0.17763.0) (< netstandard1.3)) (== netstandard2.0) (== netstandard2.1)
      Microsoft.NETCore.Platforms (>= 1.1)
      Microsoft.NETCore.Targets (>= 1.1)
      System.Runtime (>= 4.3)
      System.Text.Encoding (>= 4.3)
      System.Threading.Tasks (>= 4.3)
    System.Linq (4.3) - restriction: || (&& (== net6.0-windows10.0.17763.0) (< net6.0)) (== netstandard2.0) (== netstandard2.1)
      System.Collections (>= 4.3)
      System.Diagnostics.Debug (>= 4.3)
      System.Resources.ResourceManager (>= 4.3)
      System.Runtime (>= 4.3)
      System.Runtime.Extensions (>= 4.3)
    System.Linq.Expressions (4.3) - restriction: || (&& (== net6.0-windows10.0.17763.0) (< net6.0)) (&& (== net6.0-windows10.0.17763.0) (< netstandard1.3)) (== netstandard2.0) (== netstandard2.1)
      System.Collections (>= 4.3)
      System.Diagnostics.Debug (>= 4.3)
      System.Globalization (>= 4.3)
      System.IO (>= 4.3)
      System.Linq (>= 4.3)
      System.ObjectModel (>= 4.3)
      System.Reflection (>= 4.3)
      System.Reflection.Emit (>= 4.3)
      System.Reflection.Emit.ILGeneration (>= 4.3)
      System.Reflection.Emit.Lightweight (>= 4.3)
      System.Reflection.Extensions (>= 4.3)
      System.Reflection.Primitives (>= 4.3)
      System.Reflection.TypeExtensions (>= 4.3)
      System.Resources.ResourceManager (>= 4.3)
      System.Runtime (>= 4.3)
      System.Runtime.Extensions (>= 4.3)
      System.Threading (>= 4.3)
    System.Memory (4.6.3) - restriction: || (&& (== net6.0-windows10.0.17763.0) (>= net462)) (&& (== net6.0-windows10.0.17763.0) (< netcoreapp3.1)) (&& (== net6.0-windows10.0.17763.0) (< netstandard2.1)) (== netstandard2.0) (== netstandard2.1)
      System.Buffers (>= 4.6.1) - restriction: || (&& (== net6.0-windows10.0.17763.0) (>= net462)) (&& (== net6.0-windows10.0.17763.0) (< netcoreapp2.1) (< netstandard2.1)) (== netstandard2.0) (&& (== netstandard2.1) (>= net462))
      System.Numerics.Vectors (>= 4.6.1) - restriction: || (&& (== net6.0-windows10.0.17763.0) (>= net462)) (&& (== net6.0-windows10.0.17763.0) (< netcoreapp2.1) (< netstandard2.1)) (== netstandard2.0) (&& (== netstandard2.1) (>= net462))
      System.Runtime.CompilerServices.Unsafe (>= 6.1.2) - restriction: || (&& (== net6.0-windows10.0.17763.0) (>= net462)) (&& (== net6.0-windows10.0.17763.0) (< netcoreapp2.1) (< netstandard2.1)) (== netstandard2.0) (&& (== netstandard2.1) (>= net462))
    System.Numerics.Vectors (4.6.1) - restriction: || (&& (== net6.0-windows10.0.17763.0) (>= net462)) (&& (== net6.0-windows10.0.17763.0) (< netcoreapp2.1) (< netstandard2.1)) (== netstandard2.0)
    System.ObjectModel (4.3) - restriction: || (&& (== net6.0-windows10.0.17763.0) (< net6.0)) (&& (== net6.0-windows10.0.17763.0) (< netstandard1.3)) (== netstandard2.0) (== netstandard2.1)
      System.Collections (>= 4.3)
      System.Diagnostics.Debug (>= 4.3)
      System.Resources.ResourceManager (>= 4.3)
      System.Runtime (>= 4.3)
      System.Threading (>= 4.3)
    System.Reactive (6.0.1)
      System.Threading.Tasks.Extensions (>= 4.5.4) - restriction: || (&& (== net6.0-windows10.0.17763.0) (>= net472)) (&& (== net6.0-windows10.0.17763.0) (< net6.0)) (&& (== net6.0-windows10.0.17763.0) (>= uap10.1)) (== netstandard2.0) (== netstandard2.1)
    System.Reflection (4.3) - restriction: || (&& (== net6.0-windows10.0.17763.0) (< net6.0)) (&& (== net6.0-windows10.0.17763.0) (< netstandard1.3)) (== netstandard2.0) (== netstandard2.1)
      Microsoft.NETCore.Platforms (>= 1.1)
      Microsoft.NETCore.Targets (>= 1.1)
      System.IO (>= 4.3)
      System.Reflection.Primitives (>= 4.3)
      System.Runtime (>= 4.3)
    System.Reflection.Emit (4.7) - restriction: || (&& (== net6.0-windows10.0.17763.0) (< netcoreapp3.1)) (== netstandard2.0) (== netstandard2.1)
      System.Reflection.Emit.ILGeneration (>= 4.7) - restriction: || (&& (== net6.0-windows10.0.17763.0) (< netcoreapp2.0) (< netstandard2.1)) (&& (== net6.0-windows10.0.17763.0) (< netstandard1.1)) (&& (== net6.0-windows10.0.17763.0) (< netstandard2.0)) (&& (== net6.0-windows10.0.17763.0) (>= uap10.1)) (== netstandard2.0) (&& (== netstandard2.1) (< netstandard1.1)) (&& (== netstandard2.1) (< netstandard2.0)) (&& (== netstandard2.1) (>= uap10.1))
    System.Reflection.Emit.ILGeneration (4.7) - restriction: || (&& (== net6.0-windows10.0.17763.0) (< net6.0)) (&& (== net6.0-windows10.0.17763.0) (< netcoreapp2.0) (< netstandard2.1)) (&& (== net6.0-windows10.0.17763.0) (< netstandard1.1)) (&& (== net6.0-windows10.0.17763.0) (< netstandard2.0)) (&& (== net6.0-windows10.0.17763.0) (>= uap10.1)) (== netstandard2.0) (== netstandard2.1)
    System.Reflection.Emit.Lightweight (4.7) - restriction: || (&& (== net6.0-windows10.0.17763.0) (< netcoreapp3.1)) (== netstandard2.0) (== netstandard2.1)
      System.Reflection.Emit.ILGeneration (>= 4.7) - restriction: || (&& (== net6.0-windows10.0.17763.0) (< netcoreapp2.0) (< netstandard2.1)) (&& (== net6.0-windows10.0.17763.0) (< netstandard2.0)) (&& (== net6.0-windows10.0.17763.0) (< portable-net45+wp8)) (&& (== net6.0-windows10.0.17763.0) (>= uap10.1)) (== netstandard2.0) (&& (== netstandard2.1) (< netstandard2.0)) (&& (== netstandard2.1) (< portable-net45+wp8)) (&& (== netstandard2.1) (>= uap10.1))
    System.Reflection.Extensions (4.3) - restriction: || (&& (== net6.0-windows10.0.17763.0) (< net6.0)) (&& (== net6.0-windows10.0.17763.0) (< netstandard1.3)) (== netstandard2.0) (== netstandard2.1)
      Microsoft.NETCore.Platforms (>= 1.1)
      Microsoft.NETCore.Targets (>= 1.1)
      System.Reflection (>= 4.3)
      System.Runtime (>= 4.3)
    System.Reflection.Primitives (4.3) - restriction: || (&& (== net6.0-windows10.0.17763.0) (< net6.0)) (== netstandard2.0) (== netstandard2.1)
      Microsoft.NETCore.Platforms (>= 1.1)
      Microsoft.NETCore.Targets (>= 1.1)
      System.Runtime (>= 4.3)
    System.Reflection.TypeExtensions (4.7) - restriction: || (&& (== net6.0-windows10.0.17763.0) (< net6.0)) (== netstandard2.0) (== netstandard2.1)
    System.Resources.ResourceManager (4.3) - restriction: || (&& (== net6.0-windows10.0.17763.0) (< net6.0)) (== netstandard2.0) (== netstandard2.1)
      Microsoft.NETCore.Platforms (>= 1.1)
      Microsoft.NETCore.Targets (>= 1.1)
      System.Globalization (>= 4.3)
      System.Reflection (>= 4.3)
      System.Runtime (>= 4.3)
    System.Runtime (4.3.1) - restriction: || (&& (== net6.0-windows10.0.17763.0) (< net6.0)) (&& (== net6.0-windows10.0.17763.0) (< netstandard1.3)) (&& (== net6.0-windows10.0.17763.0) (< netstandard1.5)) (== netstandard2.0) (== netstandard2.1)
      Microsoft.NETCore.Platforms (>= 1.1.1)
      Microsoft.NETCore.Targets (>= 1.1.3)
    System.Runtime.CompilerServices.Unsafe (6.1.2)
    System.Runtime.Extensions (4.3.1) - restriction: || (&& (== net6.0-windows10.0.17763.0) (< net6.0)) (== netstandard2.0) (== netstandard2.1)
      Microsoft.NETCore.Platforms (>= 1.1.1)
      Microsoft.NETCore.Targets (>= 1.1.3)
      System.Runtime (>= 4.3.1)
    System.Runtime.Serialization.Primitives (4.3) - restriction: || (&& (== net6.0-windows10.0.17763.0) (< net6.0)) (== netstandard2.0) (== netstandard2.1)
      System.Resources.ResourceManager (>= 4.3)
      System.Runtime (>= 4.3)
    System.Security.AccessControl (6.0) - restriction: || (&& (== net6.0-windows10.0.17763.0) (>= monoandroid) (< netstandard1.3)) (&& (== net6.0-windows10.0.17763.0) (>= monotouch)) (&& (== net6.0-windows10.0.17763.0) (>= net461)) (&& (== net6.0-windows10.0.17763.0) (>= net462)) (&& (== net6.0-windows10.0.17763.0) (< netcoreapp2.0)) (&& (== net6.0-windows10.0.17763.0) (< netcoreapp3.1)) (&& (== net6.0-windows10.0.17763.0) (>= uap10.1)) (== netstandard2.0) (== netstandard2.1)
      System.Security.Principal.Windows (>= 5.0) - restriction: || (&& (== net6.0-windows10.0.17763.0) (>= net461)) (&& (== net6.0-windows10.0.17763.0) (< net6.0)) (== netstandard2.0) (== netstandard2.1)
    System.Security.Cryptography.ProtectedData (7.0) - restriction: || (&& (== net6.0-windows10.0.17763.0) (< netcoreapp3.1)) (== netstandard2.0) (== netstandard2.1)
    System.Security.Permissions (7.0) - restriction: || (&& (== net6.0-windows10.0.17763.0) (>= net462)) (&& (== net6.0-windows10.0.17763.0) (< netcoreapp3.1)) (== netstandard2.0) (== netstandard2.1)
      System.Security.AccessControl (>= 6.0) - restriction: || (&& (== net6.0-windows10.0.17763.0) (>= net462)) (&& (== net6.0-windows10.0.17763.0) (< net6.0)) (== netstandard2.0) (== netstandard2.1)
    System.Security.Principal.Windows (5.0) - restriction: || (&& (== net6.0-windows10.0.17763.0) (>= monoandroid) (< netstandard1.3)) (&& (== net6.0-windows10.0.17763.0) (>= monotouch)) (&& (== net6.0-windows10.0.17763.0) (>= net461)) (&& (== net6.0-windows10.0.17763.0) (< netcoreapp2.0)) (&& (== net6.0-windows10.0.17763.0) (< netcoreapp3.1)) (&& (== net6.0-windows10.0.17763.0) (>= uap10.1)) (== netstandard2.0) (== netstandard2.1)
    System.Text.Encoding (4.3) - restriction: || (&& (== net6.0-windows10.0.17763.0) (< net6.0)) (&& (== net6.0-windows10.0.17763.0) (< netstandard1.3)) (&& (== net6.0-windows10.0.17763.0) (< netstandard1.5)) (== netstandard2.0) (== netstandard2.1)
      Microsoft.NETCore.Platforms (>= 1.1)
      Microsoft.NETCore.Targets (>= 1.1)
      System.Runtime (>= 4.3)
    System.Text.Encoding.CodePages (7.0) - restriction: || (&& (== net6.0-windows10.0.17763.0) (< netcoreapp3.1)) (== netstandard2.0) (== netstandard2.1)
      System.Memory (>= 4.5.5) - restriction: || (&& (== net6.0-windows10.0.17763.0) (>= net462)) (&& (== net6.0-windows10.0.17763.0) (< net6.0)) (== netstandard2.0) (== netstandard2.1)
      System.Runtime.CompilerServices.Unsafe (>= 6.0)
    System.Text.Encodings.Web (8.0)
      System.Buffers (>= 4.5.1) - restriction: || (&& (== net6.0-windows10.0.17763.0) (>= net462)) (&& (== net6.0-windows10.0.17763.0) (< net6.0)) (== netstandard2.0) (== netstandard2.1)
      System.Memory (>= 4.5.5) - restriction: || (&& (== net6.0-windows10.0.17763.0) (>= net462)) (&& (== net6.0-windows10.0.17763.0) (< net6.0)) (== netstandard2.0) (== netstandard2.1)
      System.Runtime.CompilerServices.Unsafe (>= 6.0)
    System.Text.Json (8.0.5)
      Microsoft.Bcl.AsyncInterfaces (>= 8.0) - restriction: || (&& (== net6.0-windows10.0.17763.0) (>= net462)) (&& (== net6.0-windows10.0.17763.0) (< net6.0)) (== netstandard2.0) (== netstandard2.1)
      System.Buffers (>= 4.5.1) - restriction: || (&& (== net6.0-windows10.0.17763.0) (>= net462)) (&& (== net6.0-windows10.0.17763.0) (< net6.0)) (== netstandard2.0) (== netstandard2.1)
      System.Memory (>= 4.5.5) - restriction: || (&& (== net6.0-windows10.0.17763.0) (>= net462)) (&& (== net6.0-windows10.0.17763.0) (< net6.0)) (== netstandard2.0) (== netstandard2.1)
      System.Runtime.CompilerServices.Unsafe (>= 6.0)
      System.Text.Encodings.Web (>= 8.0)
      System.Threading.Tasks.Extensions (>= 4.5.4) - restriction: || (&& (== net6.0-windows10.0.17763.0) (>= net462)) (&& (== net6.0-windows10.0.17763.0) (< net6.0)) (== netstandard2.0) (== netstandard2.1)
    System.Threading (4.3) - restriction: || (&& (== net6.0-windows10.0.17763.0) (< net6.0)) (== netstandard2.0) (== netstandard2.1)
      System.Runtime (>= 4.3)
      System.Threading.Tasks (>= 4.3)
    System.Threading.Tasks (4.3) - restriction: || (&& (== net6.0-windows10.0.17763.0) (< net6.0)) (&& (== net6.0-windows10.0.17763.0) (< netstandard1.3)) (== netstandard2.0) (== netstandard2.1)
      Microsoft.NETCore.Platforms (>= 1.1)
      Microsoft.NETCore.Targets (>= 1.1)
      System.Runtime (>= 4.3)
    System.Threading.Tasks.Extensions (4.5.4) - restriction: || (&& (== net6.0-windows10.0.17763.0) (>= net462)) (&& (== net6.0-windows10.0.17763.0) (< net6.0)) (&& (== net6.0-windows10.0.17763.0) (< netstandard2.1)) (== netstandard2.0) (== netstandard2.1)
      System.Runtime.CompilerServices.Unsafe (>= 4.5.3) - restriction: || (&& (== net6.0-windows10.0.17763.0) (>= net461)) (&& (== net6.0-windows10.0.17763.0) (< netcoreapp2.1)) (&& (== net6.0-windows10.0.17763.0) (< netstandard1.0)) (&& (== net6.0-windows10.0.17763.0) (< netstandard2.0)) (&& (== net6.0-windows10.0.17763.0) (>= wp8)) (== netstandard2.0) (== netstandard2.1)
  remote: https://baget.stdunit.com/v3/index.json
    FutureTech.Snap7 (0.4.3)
      FSharp.Core (>= 4.7.2)
  remote: https://git.studylessshape.fun/api/packages/studylessshape/nuget/index.json
    Less.Utils.WPF (1.0.2)
